GEM
  remote: http://rubygems.org/
  specs:
    daemons (1.1.9)
    eventmachine (0.12.10)
    nokogiri (1.5.5)
    rack (1.4.1)
    rack-protection (1.2.0)
      rack
    rgeo (0.3.15)
    rgeo-geojson (0.2.3)
      rgeo (>= 0.3.7)
    sinatra (1.3.2)
      rack (~> 1.3, >= 1.3.6)
      rack-protection (~> 1.2)
      tilt (~> 1.3, >= 1.3.3)
    thin (1.4.1)
      daemons (>= 1.0.9)
      eventmachine (>= 0.12.6)
      rack (>= 1.0.0)
    tilt (1.3.3)

PLATFORMS
  ruby

DEPENDENCIES
  nokogiri
  rgeo
  rgeo-geojson
  sinatra
  thin
